GEM
  remote: https://rubygems.org/
  specs:
    activesupport (4.0.13)
      i18n (~> 0.6, >= 0.6.9)
      minitest (~> 4.2)
      multi_json (~> 1.3)
      thread_safe (~> 0.1)
      tzinfo (~> 0.3.37)
    addressable (2.5.0)
      public_suffix (~> 2.0, >= 2.0.2)
    colorator (1.1.0)
    faraday (0.10.0)
      multipart-post (>= 1.2, < 3)
    ffi (1.9.14)
    forwardable-extended (2.6.0)
    gemoji (2.1.0)
    git (1.3.0)
    html-pipeline (2.4.2)
      activesupport (>= 2)
      nokogiri (>= 1.4)
    i18n (0.7.0)
    jekyll (3.3.1)
      addressable (~> 2.4)
      colorator (~> 1.0)
      jekyll-sass-converter (~> 1.0)
      jekyll-watch (~> 1.1)
      kramdown (~> 1.3)
      liquid (~> 3.0)
      mercenary (~> 0.3.3)
      pathutil (~> 0.9)
      rouge (~> 1.7)
      safe_yaml (~> 1.0)
    jekyll-email-protect (1.0.3)
    jekyll-feed (0.8.0)
      jekyll (~> 3.3)
    jekyll-gist (1.4.0)
      octokit (~> 4.2)
    jekyll-paginate (1.1.0)
    jekyll-redirect-from (0.11.0)
      jekyll (>= 2.0)
    jekyll-sass-converter (1.5.0)
      sass (~> 3.4)
    jekyll-twitter-plugin (2.0.0)
    jekyll-watch (1.5.0)
      listen (~> 3.0, < 3.1)
    jemoji (0.7.0)
      activesupport (~> 4.0)
      gemoji (~> 2.0)
      html-pipeline (~> 2.2)
      jekyll (>= 3.0)
    json (2.0.2)
    kramdown (1.13.1)
    liquid (3.0.6)
    listen (3.0.8)
      rb-fsevent (~> 0.9, >= 0.9.4)
      rb-inotify (~> 0.9, >= 0.9.7)
    mercenary (0.3.6)
    mini_portile2 (2.1.0)
    minitest (4.7.5)
    multi_json (1.12.1)
    multipart-post (2.0.0)
    nokogiri (1.6.8.1)
      mini_portile2 (~> 2.1.0)
    octokit (4.6.2)
      sawyer (~> 0.8.0, >= 0.5.3)
    pathutil (0.14.0)
      forwardable-extended (~> 2.6)
    public_suffix (2.0.4)
    rb-fsevent (0.9.8)
    rb-inotify (0.9.7)
      ffi (>= 0.5.0)
    rouge (1.11.1)
    safe_yaml (1.0.4)
    sass (3.4.22)
    sawyer (0.8.1)
      addressable (>= 2.3.5, < 2.6)
      faraday (~> 0.8, < 1.0)
    thread_safe (0.3.5)
    tzinfo (0.3.52)

PLATFORMS
  ruby

DEPENDENCIES
  git
  jekyll-email-protect
  jekyll-feed
  jekyll-gist
  jekyll-paginate
  jekyll-redirect-from
  jekyll-twitter-plugin
  jekyll-watch
  jemoji
  json (= 2.0.2)
  kramdown
  rouge

BUNDLED WITH
   1.13.6
